GEM
  remote: http://rubygems.org/
  specs:
    bson (1.3.1)
    bson_ext (1.3.1)
    builder (3.0.0)
    capybara (1.1.1)
      mime-types (>= 1.16)
      nokogiri (>= 1.3.3)
      rack (>= 1.0.0)
      rack-test (>= 0.5.4)
      selenium-webdriver (~> 2.0)
      xpath (~> 0.1.4)
    childprocess (0.2.2)
      ffi (~> 1.0.6)
    diff-lcs (1.1.3)
    ffi (1.0.9)
    haml (3.1.1)
    json_pure (1.6.1)
    mime-types (1.16)
    mongo (1.3.1)
      bson (>= 1.3.1)
    nokogiri (1.5.0)
    rack (1.3.5)
    rack-test (0.6.1)
      rack (>= 1.0)
    rspec (2.7.0)
      rspec-core (~> 2.7.0)
      rspec-expectations (~> 2.7.0)
      rspec-mocks (~> 2.7.0)
    rspec-core (2.7.1)
    rspec-expectations (2.7.0)
      diff-lcs (~> 1.1.2)
    rspec-mocks (2.7.0)
    rubyzip (0.9.4)
    sass (3.1.5)
    selenium-webdriver (2.9.1)
      childprocess (>= 0.2.1)
      ffi (= 1.0.9)
      json_pure
      rubyzip
    sinatra (1.2.6)
      rack (~> 1.1)
      tilt (>= 1.2.2, < 2.0)
    tilt (1.3)
    xpath (0.1.4)
      nokogiri (~> 1.3)

PLATFORMS
  ruby

DEPENDENCIES
  bson_ext
  builder
  capybara
  haml
  mongo
  nokogiri
  rack-test
  rspec
  sass
  sinatra
