GEM
  remote: http://rubygems.org/
  specs:
    bson (1.3.1)
    haml (3.1.1)
    mongo (1.3.1)
      bson (>= 1.3.1)
    nokogiri (1.4.4)
    rack (1.2.2)
    sinatra (1.2.6)
      rack (~> 1.1)
      tilt (< 2.0, >= 1.2.2)
    tilt (1.3)

PLATFORMS
  ruby

DEPENDENCIES
  haml
  mongo
  nokogiri
  sinatra
